GIT
  remote: git@github.com:alphagov/rummageable.git
  revision: cfd73002839fca54eca28326bc17f01945fde6d9
  specs:
    rummageable (0.1.0)
      json
      plek
      rest-client

GEM
  remote: http://rubygems.org/
  specs:
    actionmailer (3.1.1)
      actionpack (= 3.1.1)
      mail (~> 2.3.0)
    actionpack (3.1.1)
      activemodel (= 3.1.1)
      activesupport (= 3.1.1)
      builder (~> 3.0.0)
      erubis (~> 2.7.0)
      i18n (~> 0.6)
      rack (~> 1.3.2)
      rack-cache (~> 1.1)
      rack-mount (~> 0.8.2)
      rack-test (~> 0.6.1)
      sprockets (~> 2.0.2)
    activemodel (3.1.1)
      activesupport (= 3.1.1)
      builder (~> 3.0.0)
      i18n (~> 0.6)
    activerecord (3.1.1)
      activemodel (= 3.1.1)
      activesupport (= 3.1.1)
      arel (~> 2.2.1)
      tzinfo (~> 0.3.29)
    activeresource (3.1.1)
      activemodel (= 3.1.1)
      activesupport (= 3.1.1)
    activesupport (3.1.1)
      multi_json (~> 1.0)
    addressable (2.2.6)
    ansi (1.3.0)
    arel (2.2.1)
    builder (3.0.0)
    chronic (0.6.5)
    ci_reporter (1.6.5)
      builder (>= 2.1.2)
    crack (0.3.1)
    erubis (2.7.0)
    guard (0.8.8)
      thor (~> 0.14.6)
    guard-minitest (0.4.0)
      guard (~> 0.4)
    hike (1.2.1)
    i18n (0.6.0)
    jquery-rails (1.0.16)
      railties (~> 3.0)
      thor (~> 0.14)
    json (1.6.1)
    loofah (1.2.0)
      nokogiri (>= 1.4.4)
    mail (2.3.0)
      i18n (>= 0.4.0)
      mime-types (~> 1.16)
      treetop (~> 1.4.8)
    metaclass (0.0.1)
    mime-types (1.17.2)
    minitest (2.7.0)
    mocha (0.10.0)
      metaclass (~> 0.0.1)
    multi_json (1.0.3)
    mysql2 (0.3.7)
    nokogiri (1.5.0)
    plek (0.1.5)
      builder
    polyglot (0.3.2)
    rack (1.3.5)
    rack-cache (1.1)
      rack (>= 0.4)
    rack-mount (0.8.3)
      rack (>= 1.0.0)
    rack-ssl (1.3.2)
      rack
    rack-test (0.6.1)
      rack (>= 1.0)
    rails (3.1.1)
      actionmailer (= 3.1.1)
      actionpack (= 3.1.1)
      activerecord (= 3.1.1)
      activeresource (= 3.1.1)
      activesupport (= 3.1.1)
      bundler (~> 1.0)
      railties (= 3.1.1)
    railties (3.1.1)
      actionpack (= 3.1.1)
      activesupport (= 3.1.1)
      rack-ssl (~> 1.3.2)
      rake (>= 0.8.7)
      rdoc (~> 3.4)
      thor (~> 0.14.6)
    rake (0.9.2)
    rdoc (3.11)
      json (~> 1.4)
    rest-client (1.6.7)
      mime-types (>= 1.16)
    simplecov (0.4.2)
      simplecov-html (~> 0.4.4)
    simplecov-html (0.4.5)
    simplecov-rcov (0.2.3)
      simplecov (>= 0.4.1)
    slimmer (0.8.0)
      nokogiri
    sprockets (2.0.3)
      hike (~> 1.2)
      rack (~> 1.0)
      tilt (~> 1.1, != 1.3.0)
    sqlite3 (1.3.4)
    sqlite3-ruby (1.3.3)
      sqlite3 (>= 1.3.3)
    stringex (1.3.0)
    thor (0.14.6)
    tilt (1.3.3)
    treetop (1.4.10)
      polyglot
      polyglot (>= 0.3.1)
    turn (0.8.3)
      ansi
    tzinfo (0.3.30)
    webmock (1.7.7)
      addressable (~> 2.2, > 2.2.5)
      crack (>= 0.1.7)
    whenever (0.7.0)
      activesupport (>= 2.3.4)
      chronic (~> 0.6.3)

PLATFORMS
  ruby

DEPENDENCIES
  ci_reporter
  guard
  guard-minitest
  jquery-rails
  loofah
  minitest
  mocha
  mysql2
  nokogiri
  plek (= 0.1.5)
  rack (= 1.3.5)
  rails (= 3.1.1)
  rake (= 0.9.2)
  rest-client
  rummageable!
  simplecov (= 0.4.2)
  simplecov-rcov
  slimmer (= 0.8.0)
  sqlite3-ruby
  stringex
  turn
  webmock
  whenever
